PATH
  remote: .
  specs:
    yadirect (0.0.2)

GEM
  remote: http://rubygems.org/
  specs:
    allison (2.0.3)
    curb (0.7.15)
    diff-lcs (1.1.2)
    echoe (4.6.1)
      allison (>= 2.0.3)
      gemcutter (>= 0.7.0)
      rake (>= 0.9.2)
      rdoc (>= 3.6.1)
      rubyforge (>= 2.0.4)
    gemcutter (0.7.0)
    json (1.5.3)
    json_pure (1.5.3)
    rake (0.9.2)
    rdoc (3.7)
    rspec (2.6.0)
      rspec-core (~> 2.6.0)
      rspec-expectations (~> 2.6.0)
      rspec-mocks (~> 2.6.0)
    rspec-core (2.6.4)
    rspec-expectations (2.6.0)
      diff-lcs (~> 1.1.2)
    rspec-mocks (2.6.0)
    rubyforge (2.0.4)
      json_pure (>= 1.1.7)

PLATFORMS
  ruby

DEPENDENCIES
  curb
  echoe
  json
  rspec
  yadirect!
